GIT
  remote: https://github.com/jnunemaker/httparty
  revision: 31d3d9d016361d6b4a313400202b618afb81ca15
  specs:
    httparty (0.20.0)
      mime-types (~> 3.0)
      multi_xml (>= 0.5.2)

GIT
  remote: https://github.com/piotrmurach/tty-progressbar
  revision: 3c6c29c956edaef75161a3ec28c8b781cc0d68cf
  specs:
    tty-progressbar (0.18.2)
      strings-ansi (~> 0.2)
      tty-cursor (~> 0.7)
      tty-screen (~> 0.8)
      unicode-display_width (>= 1.6, < 3.0)

GIT
  remote: https://github.com/piotrmurach/tty-prompt
  revision: 5152fb5abd4cb3a5aaefc31ec316618e1eb5787a
  specs:
    tty-prompt (0.23.1)
      pastel (~> 0.8)
      tty-reader (~> 0.8)

GEM
  remote: https://rubygems.org/
  specs:
    awesome_print (1.9.2)
    date (3.3.3)
    json (2.6.3)
    mime-types (3.4.1)
      mime-types-data (~> 3.2015)
    mime-types-data (3.2022.0105)
    multi_xml (0.6.0)
    nokogiri (1.13.10-x86_64-darwin)
      racc (~> 1.4)
    pastel (0.8.0)
      tty-color (~> 0.5)
    racc (1.6.2)
    strings-ansi (0.2.0)
    tty-color (0.6.0)
    tty-cursor (0.7.1)
    tty-font (0.5.0)
    tty-reader (0.9.0)
      tty-cursor (~> 0.7)
      tty-screen (~> 0.8)
      wisper (~> 2.0)
    tty-screen (0.8.1)
    unicode-display_width (2.3.0)
    wisper (2.0.1)

PLATFORMS
  x86_64-darwin-21

DEPENDENCIES
  awesome_print
  date
  httparty!
  json
  nokogiri
  pastel
  tty-font
  tty-progressbar!
  tty-prompt!

BUNDLED WITH
   2.3.7
